GEM
  remote: https://rubygems.org/
  specs:
    chronic (0.10.2)
    curb (0.8.5)
    haml (4.0.4)
      tilt
    mini_portile (0.5.2)
    nokogiri (1.6.0)
      mini_portile (~> 0.5.0)
    rack (1.5.2)
    rack-protection (1.5.1)
      rack
    sinatra (1.4.4)
      rack (~> 1.4)
      rack-protection (~> 1.4)
      tilt (~> 1.3, >= 1.3.4)
    tilt (1.4.1)

PLATFORMS
  ruby

DEPENDENCIES
  chronic (~> 0.10.2)
  curb (~> 0.8.5)
  haml
  nokogiri
  sinatra
